PATH
  remote: .
  specs:
    dockerfile-rb (0.1.0)
      citrus

GEM
  remote: https://rubygems.org/
  specs:
    citrus (3.0.2)
    diff-lcs (1.3)
    rake (13.0.1)
    rspec (3.9.0)
      rspec-core (~> 3.9.0)
      rspec-expectations (~> 3.9.0)
      rspec-mocks (~> 3.9.0)
    rspec-core (3.9.1)
      rspec-support (~> 3.9.1)
    rspec-expectations (3.9.0)
      diff-lcs (>= 1.2.0, < 2.0)
      rspec-support (~> 3.9.0)
    rspec-mocks (3.9.1)
      diff-lcs (>= 1.2.0, < 2.0)
      rspec-support (~> 3.9.0)
    rspec-support (3.9.2)

PLATFORMS
  ruby

DEPENDENCIES
  bundler (~> 1.17)
  dockerfile-rb!
  rake (~> 13.0)
  rspec (~> 3.0)

BUNDLED WITH
   1.17.3
